GIT
  remote: https://github.com/eggcaker/jekyll-org.git
  revision: 0bbf76e6202f701bc8f0a0e0b670dc5ef89fdce2
  specs:
    jekyll-org (1.1.1)
      jekyll (>= 3.5.0)
      json
      org-ruby (>= 0.9.12)

GEM
  remote: https://rubygems.org/
  specs:
    addressable (2.7.0)
      public_suffix (>= 2.0.2, < 5.0)
    colorator (1.1.0)
    concurrent-ruby (1.1.8)
    dotenv (2.7.6)
    em-websocket (0.5.2)
      eventmachine (>= 0.12.9)
      http_parser.rb (~> 0.6.0)
    eventmachine (1.2.7)
    eventmachine (1.2.7-x64-mingw32)
    faraday (1.3.0)
      faraday-net_http (~> 1.0)
      multipart-post (>= 1.2, < 3)
      ruby2_keywords
    faraday-net_http (1.0.1)
    ffi (1.14.2)
    ffi (1.14.2-x64-mingw32)
    forwardable-extended (2.6.0)
    http_parser.rb (0.6.0)
    i18n (0.9.5)
      concurrent-ruby (~> 1.0)
    jekyll (3.8.5)
      addressable (~> 2.4)
      colorator (~> 1.0)
      em-websocket (~> 0.5)
      i18n (~> 0.7)
      jekyll-sass-converter (~> 1.0)
      jekyll-watch (~> 2.0)
      kramdown (~> 1.14)
      liquid (~> 4.0)
      mercenary (~> 0.3.3)
      pathutil (~> 0.9)
      rouge (>= 1.7, < 4)
      safe_yaml (~> 1.0)
    jekyll-github-metadata (2.13.0)
      jekyll (>= 3.4, < 5.0)
      octokit (~> 4.0, != 4.4.0)
    jekyll-octicons (11.2.0)
      jekyll (>= 3.6, < 5.0)
      octicons (= 11.2.0)
    jekyll-sass-converter (1.5.2)
      sass (~> 3.4)
    jekyll-watch (2.2.1)
      listen (~> 3.0)
    json (2.6.2)
    kramdown (1.17.0)
    liquid (4.0.3)
    listen (3.4.1)
      rb-fsevent (~> 0.10, >= 0.10.3)
      rb-inotify (~> 0.9, >= 0.9.10)
    mercenary (0.3.6)
    mini_portile2 (2.5.0)
    multipart-post (2.1.1)
    nokogiri (1.11.1)
      mini_portile2 (~> 2.5.0)
      racc (~> 1.4)
    nokogiri (1.11.1-x64-mingw32)
      racc (~> 1.4)
    octicons (11.2.0)
      nokogiri (>= 1.6.3.1)
    octokit (4.20.0)
      faraday (>= 0.9)
      sawyer (~> 0.8.0, >= 0.5.3)
    org-ruby (0.9.12)
      rubypants (~> 0.2)
    pathutil (0.16.2)
      forwardable-extended (~> 2.6)
    public_suffix (3.1.1)
    racc (1.5.2)
    rb-fsevent (0.10.4)
    rb-inotify (0.10.1)
      ffi (~> 1.0)
    rouge (3.13.0)
    ruby2_keywords (0.0.4)
    rubypants (0.7.1)
    safe_yaml (1.0.5)
    sass (3.7.4)
      sass-listen (~> 4.0.0)
    sass-listen (4.0.0)
      rb-fsevent (~> 0.9, >= 0.9.4)
      rb-inotify (~> 0.9, >= 0.9.7)
    sawyer (0.8.2)
      addressable (>= 2.3.5)
      faraday (> 0.8, < 2.0)
    wdm (0.1.1)
    word_wrap (1.0.0)

PLATFORMS
  ruby
  x64-mingw32

DEPENDENCIES
  dotenv (~> 2.7)
  jekyll
  jekyll-github-metadata
  jekyll-octicons
  jekyll-org!
  wdm (>= 0.1.0)
  word_wrap

BUNDLED WITH
   2.2.7
